GEM
  remote: https://rubygems.org/
  specs:
    coderay (1.0.8)
    faraday (0.8.5)
      multipart-post (~> 1.1)
    guard (1.5.4)
      listen (>= 0.4.2)
      lumberjack (>= 1.0.2)
      pry (>= 0.9.10)
      thor (>= 0.14.6)
    guard-minitest (0.5.0)
      guard (>= 0.4)
    json (1.7.6)
    listen (0.5.3)
    lumberjack (1.0.2)
    method_source (0.8.1)
    minitest (3.4.0)
    multipart-post (1.1.5)
    pry (0.9.10)
      coderay (~> 1.0.5)
      method_source (~> 0.8)
      slop (~> 3.3.1)
    rake (0.9.2.2)
    slop (3.3.3)
    thor (0.17.0)

PLATFORMS
  ruby

DEPENDENCIES
  faraday (~> 0.8.5)
  guard-minitest (~> 0.5.0)
  json (~> 1.7.6)
  minitest (~> 3.4.0)
  rake (~> 0.9.2)
